GEM
  remote: https://rubygems.org/
  specs:
    better_errors (2.8.1)
      coderay (>= 1.0.0)
      erubi (>= 1.0.0)
      rack (>= 0.9.0)
    coderay (1.1.3)
    erubi (1.12.0)
    hanami-api (0.3.0)
      hanami-router (~> 2.0)
    hanami-router (2.1.0)
      mustermann (~> 3.0)
      mustermann-contrib (~> 3.0)
      rack (~> 2.0)
    hansi (0.2.1)
    mini_portile2 (2.8.5)
    mustermann (3.0.0)
      ruby2_keywords (~> 0.0.1)
    mustermann-contrib (3.0.0)
      hansi (~> 0.2.0)
      mustermann (= 3.0.0)
    nio4r (2.7.1)
    puma (6.4.2)
      nio4r (~> 2.0)
    rack (2.2.9)
    ruby2_keywords (0.0.5)
    sqlite3 (1.7.3)
      mini_portile2 (~> 2.8.0)

PLATFORMS
  ruby
  x86_64-darwin-21

DEPENDENCIES
  better_errors (= 2.8.1)
  hanami-api
  puma
  sqlite3 (~> 1.3, >= 1.3.11)

BUNDLED WITH
   2.6.0.dev
